GEM
  remote: https://rubygems.org/
  specs:
    ethon (0.8.1)
      ffi (>= 1.3.0)
    ffi (1.9.10)
    mini_portile2 (2.0.0)
    nokogiri (1.6.7.2)
      mini_portile2 (~> 2.0.0.rc2)
    rack (1.6.4)
    rack-protection (1.5.3)
      rack
    redis (3.2.2)
    ruby-ole (1.2.12)
    sinatra (1.4.7)
      rack (~> 1.5)
      rack-protection (~> 1.4)
      tilt (>= 1.3, < 3)
    spreadsheet (1.1.1)
      ruby-ole (>= 1.0)
    tilt (2.0.2)
    typhoeus (1.0.1)
      ethon (>= 0.8.0)

PLATFORMS
  ruby

DEPENDENCIES
  nokogiri
  redis
  sinatra
  spreadsheet
  typhoeus

BUNDLED WITH
   1.10.6
